GIT
  remote: https://github.com/americanmaverick/stubborn.git
  revision: 89beb23807157072996e3b6011708855854e54a7
  specs:
    stubborn (0.1.0)
      slim

GEM
  remote: https://rubygems.org/
  specs:
    slim (3.0.8)
      temple (>= 0.7.6, < 0.9)
      tilt (>= 1.3.3, < 2.1)
    temple (0.8.0)
    tilt (2.0.8)

PLATFORMS
  ruby

DEPENDENCIES
  stubborn!

BUNDLED WITH
   1.13.1
